PATH
  remote: .
  specs:
    dog (0.0.1)
      eventmachine
      thin
      treetop

GEM
  remote: http://www.rubygems.org/
  specs:
    daemons (1.1.6)
    eventmachine (0.12.10)
    polyglot (0.3.3)
    rack (1.4.1)
    thin (1.3.1)
      daemons (>= 1.0.9)
      eventmachine (>= 0.12.6)
      rack (>= 1.0.0)
    treetop (1.4.10)
      polyglot
      polyglot (>= 0.3.1)

PLATFORMS
  ruby

DEPENDENCIES
  dog!
