PATH
  remote: .
  specs:
    dog (0.0.2)
      async_sinatra (~> 1.0.0)
      blather (~> 0.8.0)
      bson_ext (~> 1.6.4)
      eventmachine (~> 0.12.10)
      httparty (~> 0.8.3)
      mail (~> 2.4.4)
      mongo (~> 1.6.4)
      pg (~> 0.14.0)
      pony (~> 1.4)
      rack-test (~> 0.6.1)
      rb-readline (~> 0.4.2)
      sequel (~> 3.37.0)
      sinatra (~> 1.3.2)
      sprockets (~> 2.7.0)
      sqlite3 (~> 1.3.6)
      thin (~> 1.4.1)
      tilt (~> 1.3.3)
      treetop (~> 1.4.10)

GEM
  remote: http://www.rubygems.org/
  specs:
    activesupport (3.2.6)
      i18n (~> 0.6)
      multi_json (~> 1.0)
    ap (0.1.1)
      httparty (>= 0.7.7)
    async_sinatra (1.0.0)
      rack (>= 1.4.1)
      sinatra (>= 1.3.2)
    blather (0.8.0)
      activesupport (>= 2.3.11)
      eventmachine (>= 0.12.6)
      girl_friday
      niceogiri (~> 1.0)
      nokogiri (~> 1.5.5)
    bson (1.6.4)
    bson_ext (1.6.4)
      bson (~> 1.6.4)
    connection_pool (0.1.0)
    daemons (1.1.8)
    eventmachine (0.12.10)
    girl_friday (0.9.7)
      connection_pool (~> 0.1.0)
    hike (1.2.1)
    httparty (0.8.3)
      multi_json (~> 1.0)
      multi_xml
    i18n (0.6.0)
    mail (2.4.4)
      i18n (>= 0.4.0)
      mime-types (~> 1.16)
      treetop (~> 1.4.8)
    mime-types (1.18)
    mongo (1.6.4)
      bson (~> 1.6.4)
    multi_json (1.3.6)
    multi_xml (0.5.1)
    niceogiri (1.0.2)
      nokogiri (~> 1.4)
    nokogiri (1.5.5)
    pg (0.14.0)
    polyglot (0.3.3)
    pony (1.4)
      mail (> 2.0)
    rack (1.4.1)
    rack-protection (1.2.0)
      rack
    rack-test (0.6.1)
      rack (>= 1.0)
    rake (0.9.2.2)
    rb-readline (0.4.2)
    sequel (3.37.0)
    sinatra (1.3.2)
      rack (~> 1.3, >= 1.3.6)
      rack-protection (~> 1.2)
      tilt (~> 1.3, >= 1.3.3)
    sprockets (2.7.0)
      hike (~> 1.2)
      multi_json (~> 1.0)
      rack (~> 1.0)
      tilt (~> 1.1, != 1.3.0)
    sqlite3 (1.3.6)
    thin (1.4.1)
      daemons (>= 1.0.9)
      eventmachine (>= 0.12.6)
      rack (>= 1.0.0)
    tilt (1.3.3)
    treetop (1.4.10)
      polyglot
      polyglot (>= 0.3.1)

PLATFORMS
  ruby

DEPENDENCIES
  ap (~> 0.1.1)
  dog!
  rake (~> 0.9.2)
