PATH
  remote: .
  specs:
    dog (0.0.1)
      async_sinatra
      eventmachine
      sinatra
      thin
      tilt
      treetop
      uuid

GEM
  remote: http://www.rubygems.org/
  specs:
    async_sinatra (0.5.0)
      rack (>= 1.2.1)
      sinatra (>= 1.0)
    daemons (1.1.8)
    eventmachine (0.12.10)
    httparty (0.8.1)
      multi_json
      multi_xml
    macaddr (1.5.0)
      systemu (>= 2.4.0)
    multi_json (1.0.4)
    multi_xml (0.4.1)
    polyglot (0.3.3)
    rack (1.4.1)
    rack-protection (1.2.0)
      rack
    sinatra (1.3.2)
      rack (~> 1.3, >= 1.3.6)
      rack-protection (~> 1.2)
      tilt (~> 1.3, >= 1.3.3)
    systemu (2.4.2)
    thin (1.3.1)
      daemons (>= 1.0.9)
      eventmachine (>= 0.12.6)
      rack (>= 1.0.0)
    tilt (1.3.3)
    treetop (1.4.10)
      polyglot
      polyglot (>= 0.3.1)
    uuid (2.3.5)
      macaddr (~> 1.0)

PLATFORMS
  ruby

DEPENDENCIES
  dog!
  httparty
